PATH
  remote: ../..
  specs:
    mocktail (1.2.2)
      sorbet-eraser (~> 0.4.0)
      sorbet-runtime (~> 0.5.10911)

GEM
  remote: https://rubygems.org/
  specs:
    minitest (5.18.1)
    sorbet-eraser (0.4.0)
    sorbet-runtime (0.5.10911)

PLATFORMS
  arm64-darwin-22

DEPENDENCIES
  minitest
  mocktail!

BUNDLED WITH
   2.4.13
